GEM
  remote: https://rubygems.org/
  specs:
    ansi (1.5.0)
    bcrypt_pbkdf (1.1.0)
    ed25519 (1.3.0)
    hashie (5.0.0)
    itamae (1.14.0)
      ansi
      hashie
      schash (~> 0.1.0)
      specinfra (>= 2.64.0, < 3.0.0)
      thor (>= 1.0.0)
    net-scp (4.0.0)
      net-ssh (>= 2.6.5, < 8.0.0)
    net-ssh (7.2.0)
    net-telnet (0.1.1)
    schash (0.1.2)
    sfl (2.3)
    specinfra (2.86.0)
      net-scp
      net-ssh (>= 2.7)
      net-telnet (= 0.1.1)
      sfl
    thor (1.2.2)

PLATFORMS
  x86_64-linux

DEPENDENCIES
  bcrypt_pbkdf (< 2.0)
  ed25519 (< 2.0)
  itamae (= 1.14.0)

RUBY VERSION
   ruby 3.2.2p53

BUNDLED WITH
   2.4.13
